PATH
  remote: .
  specs:
    cookie_monster (0.1.6)
      activesupport (>= 3.0.0)

GEM
  remote: http://rubygems.org/
  specs:
    activesupport (4.2.8)
      i18n (~> 0.7)
      minitest (~> 5.1)
      thread_safe (~> 0.3, >= 0.3.4)
      tzinfo (~> 1.1)
    i18n (0.8.4)
    metaclass (0.0.1)
    minitest (5.10.2)
    mocha (0.14.0)
      metaclass (~> 0.0.1)
    rake (10.0.4)
    thread_safe (0.3.6-java)
    tzinfo (1.2.3)
      thread_safe (~> 0.1)

PLATFORMS
  java
  ruby

DEPENDENCIES
  cookie_monster!
  mocha (~> 0.14.0)
  rake (~> 10.0.4)

BUNDLED WITH
   1.15.0
